PATH
  remote: .
  specs:
    shindo (0.3.1)
      formatador (>= 0.1.1)

GEM
  remote: http://rubygems.org/
  specs:
    formatador (0.1.1)

PLATFORMS
  ruby

DEPENDENCIES
  shindo!
