PATH
  remote: .
  specs:
    shindo (0.2.2)
      formatador (>= 0.0.16)

GEM
  remote: http://rubygems.org/
  specs:
    formatador (0.0.16)

PLATFORMS
  ruby

DEPENDENCIES
  shindo!
